GEM
  remote: http://rubygems.org/
  specs:
    adsf (1.2.1)
      rack (>= 1.0.0)
    coderay (1.1.1)
    colored (1.2)
    concurrent-ruby (1.0.2)
    cri (2.7.0)
      colored (~> 1.2)
    ffi (1.9.14)
    formatador (0.2.5)
    guard (2.14.0)
      formatador (>= 0.2.4)
      listen (>= 2.7, < 4.0)
      lumberjack (~> 1.0)
      nenv (~> 0.1)
      notiffany (~> 0.0)
      pry (>= 0.9.12)
      shellany (~> 0.0)
      thor (>= 0.18.1)
    guard-compat (1.2.1)
    guard-nanoc (2.1.0)
      guard (~> 2.8)
      guard-compat (~> 1.0)
      nanoc (~> 4.0)
    hamster (3.0.0)
      concurrent-ruby (~> 1.0)
    kramdown (1.12.0)
    listen (3.1.5)
      rb-fsevent (~> 0.9, >= 0.9.4)
      rb-inotify (~> 0.9, >= 0.9.7)
      ruby_dep (~> 1.2)
    lumberjack (1.0.10)
    method_source (0.8.2)
    nanoc (4.3.4)
      cri (~> 2.3)
      hamster (~> 3.0)
      ref (~> 2.0)
    nenv (0.3.0)
    notiffany (0.1.1)
      nenv (~> 0.1)
      shellany (~> 0.0)
    pry (0.10.4)
      coderay (~> 1.1.0)
      method_source (~> 0.8.1)
      slop (~> 3.4)
    rack (2.0.1)
    rb-fsevent (0.9.7)
    rb-inotify (0.9.7)
      ffi (>= 0.5.0)
    ref (2.0.0)
    ruby_dep (1.4.0)
    sass (3.4.22)
    shellany (0.0.1)
    slop (3.6.0)
    thor (0.19.1)

PLATFORMS
  ruby

DEPENDENCIES
  adsf
  guard-nanoc
  kramdown
  nanoc (~> 4.0)
  sass

RUBY VERSION
   ruby 2.3.1p112

BUNDLED WITH
   1.13.2
